PATH
  remote: .
  specs:
    mysql_online_migrations (0.1.2)
      activerecord (~> 3.2.15)
      activesupport (~> 3.2.15)
      mysql2

GEM
  remote: http://rubygems.org/
  specs:
    activemodel (3.2.15)
      activesupport (= 3.2.15)
      builder (~> 3.0.0)
    activerecord (3.2.15)
      activemodel (= 3.2.15)
      activesupport (= 3.2.15)
      arel (~> 3.0.2)
      tzinfo (~> 0.3.29)
    activesupport (3.2.15)
      i18n (~> 0.6, >= 0.6.4)
      multi_json (~> 1.0)
    arel (3.0.3)
    builder (3.0.4)
    coderay (1.0.9)
    diff-lcs (1.2.5)
    i18n (0.6.5)
    logger (1.2.8)
    method_source (0.8.2)
    multi_json (1.8.2)
    mysql2 (0.3.14)
    pry (0.9.12.2)
      coderay (~> 1.0.5)
      method_source (~> 0.8)
      slop (~> 3.4)
    rspec (2.14.1)
      rspec-core (~> 2.14.0)
      rspec-expectations (~> 2.14.0)
      rspec-mocks (~> 2.14.0)
    rspec-core (2.14.7)
    rspec-expectations (2.14.4)
      diff-lcs (>= 1.1.3, < 2.0)
    rspec-mocks (2.14.4)
    slop (3.4.6)
    tzinfo (0.3.38)

PLATFORMS
  ruby

DEPENDENCIES
  logger
  mysql_online_migrations!
  pry
  rspec
